FRAMEWORK: NET45
NUGET
  remote: https://www.nuget.org/api/v2
    Microsoft.Extensions.Configuration (1.1.1)
      Microsoft.Extensions.Configuration.Abstractions (>= 1.1.1)
      NETStandard.Library (>= 1.6.1)
    Microsoft.Extensions.Configuration.Abstractions (1.1.1)
    Microsoft.Extensions.Configuration.Json (1.1.1)
    Microsoft.NET.Test.Sdk (15.0)
      Microsoft.TestPlatform.TestHost (>= 15.0)
    Microsoft.TestPlatform.TestHost (15.0)
    NETStandard.Library (1.6.1)
      System.Collections.Concurrent (>= 4.3)
      System.Diagnostics.Tracing (>= 4.3)
      System.IO.Compression (>= 4.3)
      System.Net.Http (>= 4.3)
      System.Runtime.InteropServices (>= 4.3)
      System.Runtime.InteropServices.RuntimeInformation (>= 4.3)
      System.Runtime.Numerics (>= 4.3)
    Newtonsoft.Json (9.0.1)
    System.Collections.Concurrent (4.3)
    System.Diagnostics.Tracing (4.3)
    System.IO.Compression (4.3)
    System.Net.Http (4.3.1)
    System.Runtime.InteropServices (4.3)
    System.Runtime.InteropServices.RuntimeInformation (4.3)
    System.Runtime.Numerics (4.3)
    System.Security.Cryptography.Algorithms (4.3)
    xunit (2.2)
      xunit.assert (2.2)
      xunit.core (2.2)
    xunit.assert (2.2)
    xunit.core (2.2)
      xunit.extensibility.core (2.2)
      xunit.extensibility.execution (2.2)
    xunit.extensibility.core (2.2)
    xunit.extensibility.execution (2.2)
    xunit.runner.visualstudio (2.2)
